PATH
  remote: .
  specs:
    framework-generate (1.1.1)
      xcodeproj (>= 1.4.0, < 2.0.0)

GEM
  remote: https://rubygems.org/
  specs:
    CFPropertyList (2.3.5)
    claide (1.0.2)
    colored2 (3.1.2)
    nanaimo (0.2.3)
    xcodeproj (1.5.0)
      CFPropertyList (~> 2.3.3)
      claide (>= 1.0.2, < 2.0)
      colored2 (~> 3.1)
      nanaimo (~> 0.2.3)

PLATFORMS
  ruby

DEPENDENCIES
  framework-generate!

BUNDLED WITH
   1.15.1
